GEM
  remote: https://rubygems.org/
  specs:
    ruby-kafka (0.3.11)

PLATFORMS
  ruby

DEPENDENCIES
  ruby-kafka

BUNDLED WITH
   1.10.6
